GEM
  remote: http://rubygems.org/
  specs:
    daemons (1.1.9)
    eventmachine (1.0.0)
    mime-types (1.19)
    net-http-spy (0.2.1)
    rack (1.4.4)
    rest-client (1.6.7)
      mime-types (>= 1.16)
    thin (1.5.0)
      daemons (>= 1.0.9)
      eventmachine (>= 0.12.6)
      rack (>= 1.0.0)

PLATFORMS
  ruby

DEPENDENCIES
  net-http-spy
  rack
  rest-client
  thin
